GEM
  remote: http://rubygems.org/
  specs:
    actionmailer (2.3.8)
      actionpack (= 2.3.8)
    actionpack (2.3.8)
      activesupport (= 2.3.8)
      rack (~> 1.1.0)
    activerecord (2.3.8)
      activesupport (= 2.3.8)
    activeresource (2.3.8)
      activesupport (= 2.3.8)
    activesupport (2.3.8)
    authlogic (2.1.6)
      activesupport
    aws-s3 (0.6.2)
      builder
      mime-types
      xml-simple
    builder (3.0.0)
    columnize (0.3.2)
    haml (3.0.23)
    linecache (0.43)
    mime-types (1.16)
    mysql (2.8.1)
    paperclip (2.3.6)
      activerecord
      activesupport
    rack (1.1.0)
    rails (2.3.8)
      actionmailer (= 2.3.8)
      actionpack (= 2.3.8)
      activerecord (= 2.3.8)
      activeresource (= 2.3.8)
      activesupport (= 2.3.8)
      rake (>= 0.8.3)
    rake (0.8.7)
    ruby-debug (0.10.4)
      columnize (>= 0.1)
      ruby-debug-base (~> 0.10.4.0)
    ruby-debug-base (0.10.4)
      linecache (>= 0.3)
    xml-simple (1.0.12)

PLATFORMS
  ruby

DEPENDENCIES
  authlogic (~> 2.1.5)
  aws-s3 (~> 0.6.2)
  haml (~> 3.0.23)
  mysql
  paperclip (~> 2.3.5)
  rails (~> 2.3.5)
  ruby-debug
